GIT
  remote: https://github.com/pboling/yard-junk
  revision: 54ccebabbfa9a9cd44d0b991687ebbfd22c32b55
  branch: next
  specs:
    yard-junk (0.0.10)
      backports (>= 3.18)
      benchmark
      ostruct
      rainbow
      yard

PATH
  remote: .
  specs:
    oauth (1.1.1)
      oauth-tty (~> 1.0, >= 1.0.6)
      snaky_hash (~> 2.0)
      version_gem (~> 1.1, >= 1.1.9)

GEM
  remote: https://rubygems.org/
  specs:
    actioncable (8.0.2.1)
      actionpack (= 8.0.2.1)
      activesupport (= 8.0.2.1)
      nio4r (~> 2.0)
      websocket-driver (>= 0.6.1)
      zeitwerk (~> 2.6)
    actionmailbox (8.0.2.1)
      actionpack (= 8.0.2.1)
      activejob (= 8.0.2.1)
      activerecord (= 8.0.2.1)
      activestorage (= 8.0.2.1)
      activesupport (= 8.0.2.1)
      mail (>= 2.8.0)
    actionmailer (8.0.2.1)
      actionpack (= 8.0.2.1)
      actionview (= 8.0.2.1)
      activejob (= 8.0.2.1)
      activesupport (= 8.0.2.1)
      mail (>= 2.8.0)
      rails-dom-testing (~> 2.2)
    actionpack (8.0.2.1)
      actionview (= 8.0.2.1)
      activesupport (= 8.0.2.1)
      nokogiri (>= 1.8.5)
      rack (>= 2.2.4)
      rack-session (>= 1.0.1)
      rack-test (>= 0.6.3)
      rails-dom-testing (~> 2.2)
      rails-html-sanitizer (~> 1.6)
      useragent (~> 0.16)
    actiontext (8.0.2.1)
      actionpack (= 8.0.2.1)
      activerecord (= 8.0.2.1)
      activestorage (= 8.0.2.1)
      activesupport (= 8.0.2.1)
      globalid (>= 0.6.0)
      nokogiri (>= 1.8.5)
    actionview (8.0.2.1)
      activesupport (= 8.0.2.1)
      builder (~> 3.1)
      erubi (~> 1.11)
      rails-dom-testing (~> 2.2)
      rails-html-sanitizer (~> 1.6)
    activejob (8.0.2.1)
      activesupport (= 8.0.2.1)
      globalid (>= 0.3.6)
    activemodel (8.0.2.1)
      activesupport (= 8.0.2.1)
    activerecord (8.0.2.1)
      activemodel (= 8.0.2.1)
      activesupport (= 8.0.2.1)
      timeout (>= 0.4.0)
    activestorage (8.0.2.1)
      actionpack (= 8.0.2.1)
      activejob (= 8.0.2.1)
      activerecord (= 8.0.2.1)
      activesupport (= 8.0.2.1)
      marcel (~> 1.0)
    activesupport (8.0.2.1)
      base64
      benchmark (>= 0.3)
      bigdecimal
      concurrent-ruby (~> 1.0, >= 1.3.1)
      connection_pool (>= 2.2.5)
      drb
      i18n (>= 1.6, < 2)
      logger (>= 1.4.2)
      minitest (>= 5.1)
      securerandom (>= 0.3)
      tzinfo (~> 2.0, >= 2.0.5)
      uri (>= 0.13.1)
    addressable (2.8.7)
      public_suffix (>= 2.0.2, < 7.0)
    ansi (1.5.0)
    appraisal2 (3.0.0)
      bundler (>= 1.17.3)
      rake (>= 10)
      thor (>= 0.14)
    ast (2.4.3)
    backports (3.25.1)
    base64 (0.3.0)
    benchmark (0.4.1)
    bigdecimal (3.2.3)
    builder (3.3.0)
    bundler-audit (0.9.2)
      bundler (>= 1.2.0, < 3)
      thor (~> 1.0)
    concurrent-ruby (1.3.5)
    connection_pool (2.5.4)
    cookiejar (0.3.4)
    crack (1.0.0)
      bigdecimal
      rexml
    crass (1.0.6)
    date (3.4.1)
    debug (1.11.0)
      irb (~> 1.10)
      reline (>= 0.3.8)
    delegate (0.4.0)
    diff-lcs (1.6.2)
    diffy (3.4.4)
    docile (1.4.1)
    domain_name (0.6.20240107)
    drb (2.2.3)
    dry-configurable (1.3.0)
      dry-core (~> 1.1)
      zeitwerk (~> 2.6)
    dry-core (1.1.0)
      concurrent-ruby (~> 1.0)
      logger
      zeitwerk (~> 2.6)
    dry-inflector (1.2.0)
    dry-initializer (3.2.0)
    dry-logic (1.6.0)
      bigdecimal
      concurrent-ruby (~> 1.0)
      dry-core (~> 1.1)
      zeitwerk (~> 2.6)
    dry-schema (1.14.1)
      concurrent-ruby (~> 1.0)
      dry-configurable (~> 1.0, >= 1.0.1)
      dry-core (~> 1.1)
      dry-initializer (~> 3.2)
      dry-logic (~> 1.5)
      dry-types (~> 1.8)
      zeitwerk (~> 2.6)
    dry-types (1.8.3)
      bigdecimal (~> 3.0)
      concurrent-ruby (~> 1.0)
      dry-core (~> 1.0)
      dry-inflector (~> 1.0)
      dry-logic (~> 1.4)
      zeitwerk (~> 2.6)
    em-http-request (1.1.7)
      addressable (>= 2.3.4)
      cookiejar (!= 0.3.1)
      em-socksify (>= 0.3)
      eventmachine (>= 1.0.3)
      http_parser.rb (>= 0.6.0)
    em-socksify (0.3.3)
      base64
      eventmachine (>= 1.0.0.beta.4)
    erb (5.0.2)
    erubi (1.13.1)
    ethon (0.15.0)
      ffi (>= 1.15.0)
    eventmachine (1.2.7)
    ffi (1.17.2-x86_64-linux-gnu)
    gem_bench (2.0.5)
      bundler (>= 1.14)
      version_gem (~> 1.1, >= 1.1.4)
    gitmoji-regex (1.0.3)
      version_gem (~> 1.1, >= 1.1.8)
    globalid (1.2.1)
      activesupport (>= 6.1)
    hashdiff (1.2.1)
    hashie (5.0.0)
    http-accept (1.7.0)
    http-cookie (1.0.8)
      domain_name (~> 0.5)
    http_parser.rb (0.8.0)
    i18n (1.14.7)
      concurrent-ruby (~> 1.0)
    io-console (0.8.1)
    irb (1.15.2)
      pp (>= 0.6.0)
      rdoc (>= 4.0.0)
      reline (>= 0.4.2)
    json (2.14.1)
    kettle-dev (1.1.29)
    kettle-soup-cover (1.0.10)
      simplecov (~> 0.22)
      simplecov-cobertura (~> 3.0)
      simplecov-console (~> 0.9, >= 0.9.3)
      simplecov-html (~> 0.13, >= 0.13.1)
      simplecov-lcov (~> 0.8)
      simplecov-rcov (~> 0.3, >= 0.3.7)
      simplecov_json_formatter (~> 0.1, >= 0.1.4)
      version_gem (~> 1.1, >= 1.1.8)
    kettle-test (1.0.3)
      appraisal2 (~> 3.0)
      rspec (~> 3.0)
      rspec-block_is_expected (~> 1.0, >= 1.0.6)
      rspec-stubbed_env (~> 1.0, >= 1.0.4)
      rspec_junit_formatter (~> 0.6)
      silent_stream (~> 1.0, >= 1.0.12)
      timecop-rspec (~> 1.0, >= 1.0.3)
      version_gem (~> 1.1, >= 1.1.8)
    kramdown (2.5.1)
      rexml (>= 3.3.9)
    kramdown-parser-gfm (1.1.0)
      kramdown (~> 2.0)
    language_server-protocol (3.17.0.5)
    lint_roller (1.1.0)
    logger (1.7.0)
    loofah (2.24.1)
      crass (~> 1.0.2)
      nokogiri (>= 1.12.0)
    mail (2.8.1)
      mini_mime (>= 0.1.1)
      net-imap
      net-pop
      net-smtp
    marcel (1.1.0)
    mime-types (3.7.0)
      logger
      mime-types-data (~> 3.2025, >= 3.2025.0507)
    mime-types-data (3.2025.0916)
    mini_mime (1.1.5)
    minitest (5.25.5)
    mocha (2.7.1)
      ruby2_keywords (>= 0.0.5)
    mutex_m (0.3.0)
    net-imap (0.5.10)
      date
      net-protocol
    net-pop (0.1.2)
      net-protocol
    net-protocol (0.2.2)
      timeout
    net-smtp (0.5.1)
      net-protocol
    netrc (0.11.0)
    nio4r (2.7.4)
    nokogiri (1.18.10-x86_64-linux-gnu)
      racc (~> 1.4)
    oauth-tty (1.0.6)
      version_gem (~> 1.1, >= 1.1.9)
    ostruct (0.6.3)
    parallel (1.27.0)
    parser (3.3.9.0)
      ast (~> 2.4.1)
      racc
    pp (0.6.2)
      prettyprint
    prettyprint (0.2.0)
    prism (1.5.1)
    psych (5.2.6)
      date
      stringio
    public_suffix (6.0.2)
    racc (1.8.1)
    rack (3.2.1)
    rack-session (2.1.1)
      base64 (>= 0.1.0)
      rack (>= 3.0.0)
    rack-test (2.2.0)
      rack (>= 1.3)
    rackup (2.2.1)
      rack (>= 3)
    rails (8.0.2.1)
      actioncable (= 8.0.2.1)
      actionmailbox (= 8.0.2.1)
      actionmailer (= 8.0.2.1)
      actionpack (= 8.0.2.1)
      actiontext (= 8.0.2.1)
      actionview (= 8.0.2.1)
      activejob (= 8.0.2.1)
      activemodel (= 8.0.2.1)
      activerecord (= 8.0.2.1)
      activestorage (= 8.0.2.1)
      activesupport (= 8.0.2.1)
      bundler (>= 1.15.0)
      railties (= 8.0.2.1)
    rails-dom-testing (2.3.0)
      activesupport (>= 5.0.0)
      minitest
      nokogiri (>= 1.6)
    rails-html-sanitizer (1.6.2)
      loofah (~> 2.21)
      nokogiri (>= 1.15.7, != 1.16.7, != 1.16.6, != 1.16.5, != 1.16.4, != 1.16.3, != 1.16.2, != 1.16.1, != 1.16.0.rc1, != 1.16.0)
    railties (8.0.2.1)
      actionpack (= 8.0.2.1)
      activesupport (= 8.0.2.1)
      irb (~> 1.13)
      rackup (>= 1.0.0)
      rake (>= 12.2)
      thor (~> 1.0, >= 1.2.2)
      zeitwerk (~> 2.6)
    rainbow (3.1.1)
    rake (13.3.0)
    rbs (3.9.5)
      logger
    rdoc (6.14.2)
      erb
      psych (>= 4.0.0)
    reek (6.5.0)
      dry-schema (~> 1.13)
      logger (~> 1.6)
      parser (~> 3.3.0)
      rainbow (>= 2.0, < 4.0)
      rexml (~> 3.1)
    regexp_parser (2.11.3)
    reline (0.6.2)
      io-console (~> 0.5)
    require_bench (1.0.4)
      version_gem (>= 1.1.3, < 4)
    rest-client (2.1.0)
      http-accept (>= 1.7.0, < 2.0)
      http-cookie (>= 1.0.2, < 2.0)
      mime-types (>= 1.16, < 4.0)
      netrc (~> 0.8)
    rexml (3.4.4)
    rspec (3.13.1)
      rspec-core (~> 3.13.0)
      rspec-expectations (~> 3.13.0)
      rspec-mocks (~> 3.13.0)
    rspec-block_is_expected (1.0.6)
    rspec-core (3.13.5)
      rspec-support (~> 3.13.0)
    rspec-expectations (3.13.5)
      diff-lcs (>= 1.2.0, < 2.0)
      rspec-support (~> 3.13.0)
    rspec-mocks (3.13.5)
      diff-lcs (>= 1.2.0, < 2.0)
      rspec-support (~> 3.13.0)
    rspec-pending_for (0.1.19)
      rspec-core (~> 3.0)
      ruby_engine (~> 2.0)
      ruby_version (~> 1.0)
      version_gem (~> 1.1, >= 1.1.8)
    rspec-stubbed_env (1.0.4)
    rspec-support (3.13.6)
    rspec_junit_formatter (0.6.0)
      rspec-core (>= 2, < 4, != 2.12.0)
    rubocop (1.80.2)
      json (~> 2.3)
      language_server-protocol (~> 3.17.0.2)
      lint_roller (~> 1.1.0)
      parallel (~> 1.10)
      parser (>= 3.3.0.2)
      rainbow (>= 2.2.2, < 4.0)
      regexp_parser (>= 2.9.3, < 3.0)
      rubocop-ast (>= 1.46.0, < 2.0)
      ruby-progressbar (~> 1.7)
      unicode-display_width (>= 2.4.0, < 4.0)
    rubocop-ast (1.47.0)
      parser (>= 3.3.7.2)
      prism (~> 1.4)
    rubocop-gradual (0.3.6)
      diff-lcs (>= 1.2.0, < 2.0)
      diffy (~> 3.0)
      parallel (~> 1.10)
      rainbow (>= 2.2.2, < 4.0)
      rubocop (~> 1.0)
    rubocop-lts (10.1.1)
      rubocop-ruby2_3 (>= 2.0.3, < 3)
      standard-rubocop-lts (>= 1.0.3, < 3)
      version_gem (>= 1.1.2, < 3)
    rubocop-md (1.2.4)
      rubocop (>= 1.45)
    rubocop-on-rbs (1.8.0)
      lint_roller (~> 1.1)
      rbs (~> 3.5)
      rubocop (>= 1.72.1, < 2.0)
      zlib
    rubocop-packaging (0.6.0)
      lint_roller (~> 1.1.0)
      rubocop (>= 1.72.1, < 2.0)
    rubocop-performance (1.25.0)
      lint_roller (~> 1.1)
      rubocop (>= 1.75.0, < 2.0)
      rubocop-ast (>= 1.38.0, < 2.0)
    rubocop-rake (0.7.1)
      lint_roller (~> 1.1)
      rubocop (>= 1.72.1)
    rubocop-rspec (3.7.0)
      lint_roller (~> 1.1)
      rubocop (~> 1.72, >= 1.72.1)
    rubocop-ruby2_3 (2.0.5)
      rubocop-gradual (~> 0.3, >= 0.3.1)
      rubocop-md (~> 1.2)
      rubocop-rake (~> 0.6)
      rubocop-shopify (~> 2.14)
      rubocop-thread_safety (~> 0.5, >= 0.5.1)
      standard-rubocop-lts (~> 1.0, >= 1.0.7)
      version_gem (>= 1.1.3, < 3)
    rubocop-shopify (2.17.1)
      rubocop (~> 1.62)
    rubocop-thread_safety (0.7.3)
      lint_roller (~> 1.1)
      rubocop (~> 1.72, >= 1.72.1)
      rubocop-ast (>= 1.44.0, < 2.0)
    ruby-progressbar (1.13.0)
    ruby2_keywords (0.0.5)
    ruby_engine (2.0.3)
    ruby_version (1.0.3)
    securerandom (0.4.1)
    silent_stream (1.0.12)
      logger (~> 1.2)
      version_gem (>= 1.1.8, < 3)
    simplecov (0.22.0)
      docile (~> 1.1)
      simplecov-html (~> 0.11)
      simplecov_json_formatter (~> 0.1)
    simplecov-cobertura (3.1.0)
      rexml
      simplecov (~> 0.19)
    simplecov-console (0.9.4)
      ansi
      simplecov
      terminal-table
    simplecov-html (0.13.2)
    simplecov-lcov (0.9.0)
    simplecov-rcov (0.3.7)
      simplecov (>= 0.4.1)
    simplecov_json_formatter (0.1.4)
    snaky_hash (2.0.3)
      hashie (>= 0.1.0, < 6)
      version_gem (>= 1.1.8, < 3)
    standard (1.51.1)
      language_server-protocol (~> 3.17.0.2)
      lint_roller (~> 1.0)
      rubocop (~> 1.80.2)
      standard-custom (~> 1.0.0)
      standard-performance (~> 1.8)
    standard-custom (1.0.2)
      lint_roller (~> 1.0)
      rubocop (~> 1.50)
    standard-performance (1.8.0)
      lint_roller (~> 1.1)
      rubocop-performance (~> 1.25.0)
    standard-rubocop-lts (1.0.10)
      rspec-block_is_expected (~> 1.0, >= 1.0.5)
      standard (>= 1.35.1, < 2)
      standard-custom (>= 1.0.2, < 2)
      standard-performance (>= 1.3.1, < 2)
      version_gem (>= 1.1.4, < 3)
    stone_checksums (1.0.2)
      version_gem (~> 1.1, >= 1.1.8)
    stringio (3.1.7)
    terminal-table (4.0.0)
      unicode-display_width (>= 1.1.1, < 4)
    thor (1.4.0)
    timecop (0.9.10)
    timecop-rspec (1.0.3)
      delegate (~> 0.1)
      rspec (~> 3.0)
      timecop (>= 0.7, < 1)
    timeout (0.4.3)
    typhoeus (1.5.0)
      ethon (>= 0.9.0, < 0.16.0)
    tzinfo (2.0.6)
      concurrent-ruby (~> 1.0)
    unicode-display_width (3.2.0)
      unicode-emoji (~> 4.1)
    unicode-emoji (4.1.0)
    uri (1.0.3)
    useragent (0.16.11)
    vcr (6.3.1)
      base64
    version_gem (1.1.9)
    webmock (3.25.1)
      addressable (>= 2.8.0)
      crack (>= 0.3.2)
      hashdiff (>= 0.4.0, < 2.0.0)
    websocket-driver (0.8.0)
      base64
      websocket-extensions (>= 0.1.0)
    websocket-extensions (0.1.5)
    yard (0.9.37)
    yard-relative_markdown_links (0.5.0)
      nokogiri (>= 1.14.3, < 2)
    zeitwerk (2.7.3)
    zlib (3.2.1)

PLATFORMS
  x86_64-linux-gnu

DEPENDENCIES
  appraisal2 (~> 3.0)
  backports (~> 3.25, >= 3.25.1)
  benchmark (~> 0.4, >= 0.4.1)
  bundler-audit (~> 0.9.2)
  debug (>= 1.1)
  em-http-request (~> 1.1.7)
  erb (~> 5.0)
  gem_bench (~> 2.0, >= 2.0.5)
  gitmoji-regex (~> 1.0, >= 1.0.3)
  irb (~> 1.15, >= 1.15.2)
  kettle-dev (~> 1.1)
  kettle-soup-cover (~> 1.0, >= 1.0.10)
  kettle-test (~> 1.0)
  kramdown (~> 2.5, >= 2.5.1)
  kramdown-parser-gfm (~> 1.1)
  mocha
  mutex_m (~> 0.2)
  oauth!
  rack (>= 2.0.0)
  rack-test
  rails (>= 5.0)
  rake (~> 13.0)
  rdoc (~> 6.11)
  reek (~> 6.5)
  require_bench (~> 1.0, >= 1.0.4)
  rest-client
  rspec-pending_for (~> 0.0, >= 0.0.17)
  rubocop-lts (~> 10.0)
  rubocop-on-rbs (~> 1.8)
  rubocop-packaging (~> 0.6, >= 0.6.0)
  rubocop-rspec (~> 3.6)
  rubocop-ruby2_3
  ruby-progressbar (~> 1.13)
  standard (>= 1.50)
  stone_checksums (~> 1.0, >= 1.0.2)
  stringio (>= 3.0)
  typhoeus (>= 0.1.13)
  vcr (>= 4)
  webmock (>= 3)
  yard (~> 0.9, >= 0.9.37)
  yard-junk (~> 0.0, >= 0.0.10)!
  yard-relative_markdown_links (~> 0.5.0)

BUNDLED WITH
   2.7.2
